GEM
  remote: http://rubygems.org/
  specs:
    addressable (2.3.6)
    capybara (2.4.1)
      mime-types (>= 1.16)
      nokogiri (>= 1.3.3)
      rack (>= 1.0.0)
      rack-test (>= 0.5.4)
      xpath (~> 2.0)
    childprocess (0.5.3)
      ffi (~> 1.0, >= 1.0.11)
    diff-lcs (1.2.5)
    ffi (1.9.3-x86-mingw32)
    jar_wrapper (0.1.8)
      zip
    launchy (2.4.2)
      addressable (~> 2.3)
    mime-types (2.3)
    mini_portile (0.6.0)
    multi_json (1.10.1)
    netrc (0.7.7)
    nokogiri (1.6.3.1-x86-mingw32)
      mini_portile (= 0.6.0)
    rack (1.5.2)
    rack-test (0.6.2)
      rack (>= 1.0)
    rest-client (1.7.2-x86-mingw32)
      ffi (~> 1.9)
      mime-types (>= 1.16, < 3.0)
      netrc (~> 0.7)
    rspec (3.0.0)
      rspec-core (~> 3.0.0)
      rspec-expectations (~> 3.0.0)
      rspec-mocks (~> 3.0.0)
    rspec-core (3.0.4)
      rspec-support (~> 3.0.0)
    rspec-expectations (3.0.4)
      diff-lcs (>= 1.2.0, < 2.0)
      rspec-support (~> 3.0.0)
    rspec-mocks (3.0.4)
      rspec-support (~> 3.0.0)
    rspec-support (3.0.4)
    rubyzip (1.1.6)
    selenium (0.2.11)
      jar_wrapper
    selenium-webdriver (2.42.0)
      childprocess (>= 0.5.0)
      multi_json (~> 1.0)
      rubyzip (~> 1.0)
      websocket (~> 1.0.4)
    websocket (1.0.7)
    xpath (2.0.0)
      nokogiri (~> 1.3)
    zip (2.0.2)

PLATFORMS
  x86-mingw32

DEPENDENCIES
  capybara
  launchy
  rest-client
  rspec
  selenium
  selenium-webdriver (= 2.42.0)
